PATH
  remote: .
  specs:
    nidyx (0.0.1)

GEM
  remote: https://rubygems.org/
  specs:

PLATFORMS
  ruby

DEPENDENCIES
  nidyx!
