PATH
  remote: .
  specs:
    nidyx (0.2.1)
      mustache (~> 1.0.2)
      rake

GEM
  remote: https://rubygems.org/
  specs:
    minitest (5.8.3)
    mustache (1.0.2)
    rake (10.5.0)

PLATFORMS
  ruby

DEPENDENCIES
  minitest
  nidyx!

BUNDLED WITH
   1.11.2
